PATH
  remote: .
  specs:
    mem-watcher (0.1.0)

GEM
  remote: https://rubygems.org/
  specs:
    rake (10.4.2)

PLATFORMS
  ruby

DEPENDENCIES
  mem-watcher!
  rake
